GEM
  remote: https://rubygems.org/
  specs:
    PriorityQueue (0.1.2)
    activesupport (3.2.22.2)
      i18n (~> 0.6, >= 0.6.4)
      multi_json (~> 1.0)
    addressable (2.4.0)
    airbrake (4.3.8)
      builder
      multi_json
    amq-protocol (2.0.1)
    ast (2.3.0)
    aws-sdk (2.2.37)
      aws-sdk-resources (= 2.2.37)
    aws-sdk-core (2.2.37)
      jmespath (~> 1.0)
    aws-sdk-resources (2.2.37)
      aws-sdk-core (= 2.2.37)
    builder (3.2.2)
    bunny (2.2.2)
      amq-protocol (>= 2.0.1)
    byebug (9.0.5)
    chronic (0.10.2)
    ci_reporter (1.7.3)
      builder (>= 2.1.2)
    coderay (1.1.1)
    concurrent-ruby (1.0.2)
    connection_pool (2.2.0)
    crack (0.4.3)
      safe_yaml (~> 1.0.0)
    docile (1.1.5)
    domain_name (0.5.20160615)
      unf (>= 0.0.5, < 1.0.0)
    elasticsearch (1.0.18)
      elasticsearch-api (= 1.0.18)
      elasticsearch-transport (= 1.0.18)
    elasticsearch-api (1.0.18)
      multi_json
    elasticsearch-transport (1.0.18)
      faraday
      multi_json
    faraday (0.9.2)
      multipart-post (>= 1.2, < 3)
    ffi (1.9.12)
    gds-api-adapters (31.4.0)
      link_header
      lrucache (~> 0.1.1)
      null_logger
      plek (>= 1.9.0)
      rack-cache
      rest-client (~> 1.8.0)
    govuk-lint (1.0.0)
      rubocop (~> 0.39.0)
      scss_lint (~> 0.44.0)
    govuk_message_queue_consumer (3.0.1)
      bunny (~> 2.2.0)
    hashdiff (0.3.0)
    http-cookie (1.0.2)
      domain_name (~> 0.5)
    i18n (0.7.0)
    jmespath (1.2.4)
      json_pure (>= 1.8.1)
    json (1.8.3)
    json_pure (2.0.1)
    kgio (2.10.0)
    link_header (0.0.8)
    listen (1.3.1)
      rb-fsevent (>= 0.9.3)
      rb-inotify (>= 0.9)
      rb-kqueue (>= 0.2)
    little-plugger (1.1.4)
    logging (2.1.0)
      little-plugger (~> 1.1)
      multi_json (~> 1.10)
    logstash-event (1.2.02)
    lrucache (0.1.4)
      PriorityQueue (~> 0.1.2)
    metaclass (0.0.4)
    method_source (0.8.2)
    mime-types (2.99.2)
    mini_portile2 (2.1.0)
    minitest (4.7.5)
    minitest-colorize (0.0.5)
      minitest (>= 2.0)
    mocha (1.1.0)
      metaclass (~> 0.0.1)
    mr-sparkle (0.3.0)
      listen (~> 1.0)
      rb-fsevent (>= 0.9)
      rb-inotify (>= 0.8)
      unicorn (>= 4.5)
    multi_json (1.12.1)
    multipart-post (2.0.0)
    netrc (0.11.0)
    nokogiri (1.6.8)
      mini_portile2 (~> 2.1.0)
      pkg-config (~> 1.1.7)
    null_logger (0.0.1)
    parser (2.3.1.2)
      ast (~> 2.2)
    pkg-config (1.1.7)
    plek (1.12.0)
    powerpack (0.1.1)
    pry (0.10.3)
      coderay (~> 1.1.0)
      method_source (~> 0.8.1)
      slop (~> 3.4)
    pry-byebug (3.4.0)
      byebug (~> 9.0)
      pry (~> 0.10)
    rack (1.6.4)
    rack-cache (1.6.1)
      rack (>= 0.4)
    rack-logstasher (0.0.3)
      logstash-event
      rack
    rack-protection (1.5.3)
      rack
    rack-test (0.6.3)
      rack (>= 1.0)
    rainbow (2.1.0)
    raindrops (0.16.0)
    rake (10.5.0)
    rb-fsevent (0.9.7)
    rb-inotify (0.9.7)
      ffi (>= 0.5.0)
    rb-kqueue (0.2.4)
      ffi (>= 0.5.0)
    redis (3.3.0)
    redis-namespace (1.5.2)
      redis (~> 3.0, >= 3.0.4)
    rest-client (1.8.0)
      http-cookie (>= 1.0.2, < 2.0)
      mime-types (>= 1.16, < 3.0)
      netrc (~> 0.7)
    rubocop (0.39.0)
      parser (>= 2.3.0.7, < 3.0)
      powerpack (~> 0.1)
      rainbow (>= 1.99.1, < 3.0)
      ruby-progressbar (~> 1.7)
      unicode-display_width (~> 1.0, >= 1.0.1)
    ruby-progressbar (1.8.1)
    safe_yaml (1.0.4)
    sass (3.4.22)
    scss_lint (0.44.0)
      rake (~> 10.0)
      sass (~> 3.4.15)
    shoulda-context (1.2.1)
    sidekiq (4.1.4)
      concurrent-ruby (~> 1.0)
      connection_pool (~> 2.2, >= 2.2.0)
      redis (~> 3.2, >= 3.2.1)
      sinatra (>= 1.4.7)
    sidekiq-statsd (0.1.5)
      activesupport
      sidekiq (>= 2.6)
      statsd-ruby (>= 1.1.0)
    simplecov (0.10.0)
      docile (~> 1.1.0)
      json (~> 1.8)
      simplecov-html (~> 0.10.0)
    simplecov-html (0.10.0)
    simplecov-rcov (0.2.3)
      simplecov (>= 0.4.1)
    sinatra (1.4.7)
      rack (~> 1.5)
      rack-protection (~> 1.4)
      tilt (>= 1.3, < 3)
    slop (3.4.7)
    statsd-ruby (1.3.0)
    test-unit-minitest (0.9.1)
      minitest (~> 4.7)
    tilt (2.0.5)
    timecop (0.8.1)
    unf (0.1.4)
      unf_ext
    unf_ext (0.0.7.2)
    unicode-display_width (1.1.0)
    unicorn (5.1.0)
      kgio (~> 2.6)
      raindrops (~> 0.7)
    webmock (1.24.6)
      addressable (>= 2.3.6)
      crack (>= 0.3.2)
      hashdiff
    whenever (0.9.7)
      chronic (>= 0.6.3)

PLATFORMS
  ruby

DEPENDENCIES
  activesupport (= 3.2.22.2)
  airbrake (~> 4.3.6)
  aws-sdk (~> 2.2.29)
  ci_reporter (~> 1.7.1)
  elasticsearch (~> 1.0.15)
  gds-api-adapters (~> 31.0)
  govuk-lint (~> 1.0.0)
  govuk_message_queue_consumer (~> 3.0.1)
  logging (~> 2.1.0)
  minitest-colorize (~> 0.0.5)
  mocha (~> 1.1.0)
  mr-sparkle (= 0.3.0)
  nokogiri (~> 1.6.7)
  plek (~> 1.12)
  pry-byebug
  rack (~> 1.6)
  rack-logstasher (~> 0.0.3)
  rack-test (~> 0.6.3)
  rake (~> 10.5)
  redis-namespace (~> 1.5.2)
  rest-client (~> 1.8.0)
  shoulda-context (~> 1.2.1)
  sidekiq (~> 4.1.2)
  sidekiq-statsd (= 0.1.5)
  simplecov (~> 0.10.0)
  simplecov-rcov (~> 0.2.3)
  sinatra (= 1.4.7)
  slop (~> 3.4.5)
  statsd-ruby (~> 1.3.0)
  test-unit-minitest (~> 0.9.1)
  timecop (~> 0.8.0)
  unf (~> 0.1.4)
  unicorn (= 5.1.0)
  webmock (~> 1.24)
  whenever (~> 0.9.4)

BUNDLED WITH
   1.12.4
